GEM
  remote: https://rubygems.org/
  specs:
    algoliasearch (1.6.1)
      httpclient (~> 2.4)
      json (>= 1.5.1)
    httpclient (2.6.0.1)
    json (1.8.3)

PLATFORMS
  ruby

DEPENDENCIES
  algoliasearch
  json

BUNDLED WITH
   1.10.6
